GIT
  remote: git://github.com/ryanb/nested_form.git
  revision: ef71a326c27c3583172d72719bb3422e0efc7f0c
  specs:
    nested_form (0.2.2)

GIT
  remote: git://github.com/vwall/compass-twitter-bootstrap.git
  revision: 26e3eda96941b050f06758be168e11f511b3d9c7
  specs:
    compass_twitter_bootstrap (2.0.3)
      compass

GIT
  remote: git://github.com/wojtekmach/valid_attribute.git
  revision: cf96d8b1544ed068a97d694c3124ac86ea37f398
  branch: minitest-matchers-11
  specs:
    valid_attribute (1.2.0)

GEM
  remote: https://rubygems.org/
  specs:
    actionmailer (3.2.6)
      actionpack (= 3.2.6)
      mail (~> 2.4.4)
    actionpack (3.2.6)
      activemodel (= 3.2.6)
      activesupport (= 3.2.6)
      builder (~> 3.0.0)
      erubis (~> 2.7.0)
      journey (~> 1.0.1)
      rack (~> 1.4.0)
      rack-cache (~> 1.2)
      rack-test (~> 0.6.1)
      sprockets (~> 2.1.3)
    activeadmin (0.4.4)
      bourbon (>= 1.0.0)
      devise (>= 1.1.2)
      fastercsv
      formtastic (~> 2.1.1)
      inherited_resources (>= 1.3.1)
      jquery-rails (>= 1.0.0)
      kaminari (>= 0.13.0)
      meta_search (>= 0.9.2)
      rails (>= 3.0.0)
      sass (>= 3.1.0)
    activemodel (3.2.6)
      activesupport (= 3.2.6)
      builder (~> 3.0.0)
    activerecord (3.2.6)
      activemodel (= 3.2.6)
      activesupport (= 3.2.6)
      arel (~> 3.0.2)
      tzinfo (~> 0.3.29)
    activeresource (3.2.6)
      activemodel (= 3.2.6)
      activesupport (= 3.2.6)
    activesupport (3.2.6)
      i18n (~> 0.6)
      multi_json (~> 1.0)
    addressable (2.2.8)
    ansi (1.4.3)
    arel (3.0.2)
    bcrypt-ruby (3.0.1)
    bootstrap-will_paginate (0.0.7)
      will_paginate
    bourbon (2.1.1)
      sass (>= 3.1)
    builder (3.0.0)
    cancan (1.6.8)
    capybara (1.1.2)
      mime-types (>= 1.16)
      nokogiri (>= 1.3.3)
      rack (>= 1.0.0)
      rack-test (>= 0.5.4)
      selenium-webdriver (~> 2.0)
      xpath (~> 0.1.4)
    childprocess (0.3.4)
      ffi (~> 1.0, >= 1.0.6)
    chunky_png (1.2.5)
    coderay (1.0.7)
    coffee-rails (3.2.2)
      coffee-script (>= 2.2.0)
      railties (~> 3.2.0)
    coffee-script (2.2.0)
      coffee-script-source
      execjs
    coffee-script-source (1.3.3)
    colorize (0.5.8)
    compass (0.12.2)
      chunky_png (~> 1.2)
      fssm (>= 0.2.7)
      sass (~> 3.1)
    compass-rails (1.0.3)
      compass (>= 0.12.2, < 0.14)
    country_select (1.0.1)
    database_cleaner (0.8.0)
    devise (2.1.2)
      bcrypt-ruby (~> 3.0)
      orm_adapter (~> 0.1)
      railties (~> 3.1)
      warden (~> 1.2.1)
    dragonfly (0.9.12)
      rack
    erubis (2.7.0)
    execjs (1.4.0)
      multi_json (~> 1.0)
    factory_girl (3.5.0)
      activesupport (>= 3.0.0)
    factory_girl_rails (3.5.0)
      factory_girl (~> 3.5.0)
      railties (>= 3.0.0)
    fastercsv (1.5.5)
    ffi (1.0.11)
    formtastic (2.1.1)
      actionpack (~> 3.0)
    fssm (0.2.9)
    gherkin-ruby (0.2.1)
    growl (1.0.3)
    guard (1.2.3)
      listen (>= 0.4.2)
      thor (>= 0.14.6)
    guard-minitest (0.5.0)
      guard (>= 0.4)
    guard-spinach (0.0.2)
      guard (>= 1.1)
      spinach
    haml (3.1.6)
    haml-rails (0.3.4)
      actionpack (~> 3.0)
      activesupport (~> 3.0)
      haml (~> 3.0)
      railties (~> 3.0)
    has_scope (0.5.1)
    hike (1.2.1)
    i18n (0.6.0)
    inherited_resources (1.3.1)
      has_scope (~> 0.5.0)
      responders (~> 0.6)
    journey (1.0.4)
    jquery-rails (2.0.2)
      railties (>= 3.2.0, < 5.0)
      thor (~> 0.14)
    json (1.7.3)
    kaminari (0.13.0)
      actionpack (>= 3.0.0)
      activesupport (>= 3.0.0)
      railties (>= 3.0.0)
    launchy (2.1.0)
      addressable (~> 2.2.6)
    letter_opener (0.0.2)
      launchy
    libv8 (3.3.10.4)
    libwebsocket (0.1.4)
      addressable
    listen (0.4.7)
      rb-fchange (~> 0.0.5)
      rb-fsevent (~> 0.9.1)
      rb-inotify (~> 0.8.8)
    mail (2.4.4)
      i18n (>= 0.4.0)
      mime-types (~> 1.16)
      treetop (~> 1.4.8)
    meta_search (1.1.3)
      actionpack (~> 3.1)
      activerecord (~> 3.1)
      activesupport (~> 3.1)
      polyamorous (~> 0.5.0)
    metaclass (0.0.1)
    method_source (0.8)
    mime-types (1.19)
    minitest (3.2.0)
    minitest-matchers (1.2.0)
      minitest (>= 2.5.0)
    minitest-reporters (0.8.0)
      ansi
      builder
      minitest (>= 2.0, < 4.0)
      ruby-progressbar
    mocha (0.12.1)
      metaclass (~> 0.0.1)
    multi_json (1.3.6)
    nokogiri (1.5.5)
    orm_adapter (0.4.0)
    pg (0.14.0)
    plutus (0.7.0)
      rails (~> 3.1)
    polyamorous (0.5.0)
      activerecord (~> 3.0)
    polyglot (0.3.3)
    pry (0.9.10)
      coderay (~> 1.0.5)
      method_source (~> 0.8)
      slop (~> 3.3.1)
    rack (1.4.1)
    rack-cache (1.2)
      rack (>= 0.4)
    rack-ssl (1.3.2)
      rack
    rack-test (0.6.1)
      rack (>= 1.0)
    rails (3.2.6)
      actionmailer (= 3.2.6)
      actionpack (= 3.2.6)
      activerecord (= 3.2.6)
      activeresource (= 3.2.6)
      activesupport (= 3.2.6)
      bundler (~> 1.0)
      railties (= 3.2.6)
    railties (3.2.6)
      actionpack (= 3.2.6)
      activesupport (= 3.2.6)
      rack-ssl (~> 1.3.2)
      rake (>= 0.8.7)
      rdoc (~> 3.4)
      thor (>= 0.14.6, < 2.0)
    rake (0.9.2.2)
    ranked-model (0.1.0)
      activerecord (>= 3.0.3)
    rb-fchange (0.0.5)
      ffi
    rb-fsevent (0.9.1)
    rb-inotify (0.8.8)
      ffi (>= 0.5.0)
    rdoc (3.12)
      json (~> 1.4)
    require_all (1.2.1)
    responders (0.9.2)
      railties (~> 3.1)
    ruby-progressbar (0.0.10)
    rubyzip (0.9.9)
    sass (3.1.20)
    sass-rails (3.2.5)
      railties (~> 3.2.0)
      sass (>= 3.1.10)
      tilt (~> 1.3)
    selenium-webdriver (2.25.0)
      childprocess (>= 0.2.5)
      libwebsocket (~> 0.1.3)
      multi_json (~> 1.0)
      rubyzip
    simple_form (2.0.2)
      actionpack (~> 3.0)
      activemodel (~> 3.0)
    simple_roles (0.0.8)
      activerecord
      require_all
      sugar-high
      sweetloader
    simplecov (0.6.4)
      multi_json (~> 1.0)
      simplecov-html (~> 0.5.3)
    simplecov-html (0.5.3)
    simplecov-rcov (0.2.3)
      simplecov (>= 0.4.1)
    slop (3.3.2)
    spinach (0.5.2)
      colorize
      gherkin-ruby (~> 0.2.0)
    spinach-rails (0.1.7)
      capybara (>= 1.0)
      railties (>= 3)
      spinach (>= 0.4)
    sprockets (2.1.3)
      hike (~> 1.2)
      rack (~> 1.0)
      tilt (~> 1.1, != 1.3.0)
    squeel (1.0.7)
      activerecord (~> 3.0)
      activesupport (~> 3.0)
      polyamorous (~> 0.5.0)
    state_machine (1.1.2)
    sugar-high (0.7.0)
    sweetloader (0.1.6)
      activesupport (>= 3.0.1)
      i18n
    therubyracer (0.10.1)
      libv8 (~> 3.3.10)
    thor (0.15.4)
    tilt (1.3.3)
    treetop (1.4.10)
      polyglot
      polyglot (>= 0.3.1)
    tzinfo (0.3.33)
    uglifier (1.2.6)
      execjs (>= 0.3.0)
      multi_json (~> 1.3)
    warden (1.2.1)
      rack (>= 1.0)
    will_paginate (3.0.3)
    xpath (0.1.4)
      nokogiri (~> 1.3)

PLATFORMS
  ruby

DEPENDENCIES
  activeadmin
  bootstrap-will_paginate
  cancan
  coffee-rails (~> 3.2.1)
  compass-rails
  compass_twitter_bootstrap!
  country_select
  database_cleaner (~> 0.8.0)
  devise
  dragonfly
  factory_girl_rails
  growl
  guard (~> 1.2.3)
  guard-minitest (~> 0.5.0)
  guard-spinach (~> 0.0.2)
  haml-rails
  has_scope
  jquery-rails
  letter_opener
  minitest (~> 3.2.0)
  minitest-matchers (~> 1.2.0)
  minitest-reporters (~> 0.8.0)
  mocha (~> 0.12.1)
  nested_form!
  pg
  plutus
  pry (~> 0.9.10)
  rack-cache
  rails (~> 3.2.6)
  ranked-model
  responders
  sass-rails (~> 3.2.3)
  simple_form
  simple_roles
  simplecov (~> 0.6.4)
  simplecov-rcov (~> 0.2.3)
  spinach (~> 0.5.2)
  spinach-rails (~> 0.1.7)
  squeel
  state_machine
  therubyracer
  uglifier (>= 1.0.3)
  valid_attribute!
  will_paginate
