GIT
  remote: git://github.com/learningearnings/compass-twitter-bootstrap.git
  revision: 90b99f266a034f0f3d99d944235a9cb781f60be8
  specs:
    compass_twitter_bootstrap (2.0.3)
      compass

GIT
  remote: git://github.com/learningearnings/nested_form.git
  revision: a6c38813d4bb7a89f13ca3a8a1cb2f81b693bb30
  specs:
    nested_form (0.2.3)

GIT
  remote: git://github.com/learningearnings/spree_auth_devise
  revision: eb0f30380dc83390b52939195bf92b4195f5c5a3
  ref: eb0f30380dc83390b52939195bf92b4195f5c5a3
  specs:
    spree_auth_devise (1.0.0)
      cancan (= 1.6.7)
      devise (~> 2.0.4)
      spree_core

GIT
  remote: git://github.com/learningearnings/valid_attribute.git
  revision: cf96d8b1544ed068a97d694c3124ac86ea37f398
  branch: minitest-matchers-11
  specs:
    valid_attribute (1.2.0)

GIT
  remote: git@github.com:learningearnings/jquery-rails.git
  revision: 313ce4d8f1412172526c65697ed2f259e3d6eea5
  branch: svgweb-fix
  specs:
    jquery-rails (2.1.3)
      railties (>= 3.1.0, < 5.0)
      thor (~> 0.14)

GIT
  remote: git@github.com:learningearnings/plutus.git
  revision: 76f87a7453b73e369eaa2f5bd7baa185618d2ea7
  specs:
    plutus (0.7.2)
      rails (~> 3.1)

GIT
  remote: git@github.com:learningearnings/spree-multi-domain.git
  revision: ba449186b3ea6129681a3c41e443b1fae688e75b
  specs:
    spree_multi_domain (1.0.0)
      spree_core (~> 1.2)

GIT
  remote: https://github.com/learningearnings/rack-bug.git
  revision: 1e6d33664fb21a5f08836e5d8a9d7bfcc47c8d81
  branch: rails3
  specs:
    rack-bug (0.3.0)
      rack (>= 1.0)

GEM
  remote: https://rubygems.org/
  specs:
    actionmailer (3.2.9)
      actionpack (= 3.2.9)
      mail (~> 2.4.4)
    actionpack (3.2.9)
      activemodel (= 3.2.9)
      activesupport (= 3.2.9)
      builder (~> 3.0.0)
      erubis (~> 2.7.0)
      journey (~> 1.0.4)
      rack (~> 1.4.0)
      rack-cache (~> 1.2)
      rack-test (~> 0.6.1)
      sprockets (~> 2.2.1)
    active_utils (1.0.5)
      activesupport (>= 2.3.11)
      i18n
    activeadmin (0.5.0)
      arbre (>= 1.0.1)
      bourbon (>= 1.0.0)
      devise (>= 1.1.2)
      fastercsv
      formtastic (>= 2.0.0)
      inherited_resources (>= 1.3.1)
      jquery-rails (>= 1.0.0)
      kaminari (>= 0.13.0)
      meta_search (>= 0.9.2)
      rails (>= 3.0.0)
      sass (>= 3.1.0)
    activemerchant (1.28.0)
      active_utils (>= 1.0.2)
      activesupport (>= 2.3.11)
      builder (>= 2.0.0)
      i18n
      json (>= 1.5.1)
      money
      nokogiri
    activemodel (3.2.9)
      activesupport (= 3.2.9)
      builder (~> 3.0.0)
    activerecord (3.2.9)
      activemodel (= 3.2.9)
      activesupport (= 3.2.9)
      arel (~> 3.0.2)
      tzinfo (~> 0.3.29)
    activeresource (3.2.9)
      activemodel (= 3.2.9)
      activesupport (= 3.2.9)
    activesupport (3.2.9)
      i18n (~> 0.6)
      multi_json (~> 1.0)
    acts_as_list (0.1.4)
    addressable (2.3.2)
    ansi (1.4.3)
    arbre (1.0.1)
      activesupport (>= 3.0.0)
    arel (3.0.2)
    aws-sdk (1.3.9)
      httparty (~> 0.7)
      json (~> 1.4)
      nokogiri (>= 1.4.4)
      uuidtools (~> 2.1)
    bcrypt-ruby (3.0.1)
    bourbon (2.1.2)
      sass (>= 3.2)
      thor
    builder (3.0.4)
    cancan (1.6.7)
    capistrano (2.13.5)
      highline
      net-scp (>= 1.0.0)
      net-sftp (>= 2.0.0)
      net-ssh (>= 2.0.14)
      net-ssh-gateway (>= 1.1.0)
    capybara (1.1.3)
      mime-types (>= 1.16)
      nokogiri (>= 1.3.3)
      rack (>= 1.0.0)
      rack-test (>= 0.5.4)
      selenium-webdriver (~> 2.0)
      xpath (~> 0.1.4)
    childprocess (0.3.6)
      ffi (~> 1.0, >= 1.0.6)
    choice (0.1.6)
    chosen-rails (0.9.8.3)
      railties (~> 3.0)
      thor (~> 0.14)
    chunky_png (1.2.6)
    ckeditor (3.7.3)
      mime-types
      orm_adapter
    cocaine (0.4.2)
    coderay (1.0.8)
    coffee-filter (0.1.1)
      coffee-script (>= 2.2.0)
      haml (>= 3.0.18)
    coffee-rails (3.2.2)
      coffee-script (>= 2.2.0)
      railties (~> 3.2.0)
    coffee-script (2.2.0)
      coffee-script-source
      execjs
    coffee-script-source (1.4.0)
    colorize (0.5.8)
    compass (0.12.2)
      chunky_png (~> 1.2)
      fssm (>= 0.2.7)
      sass (~> 3.1)
    compass-rails (1.0.3)
      compass (>= 0.12.2, < 0.14)
    country_select (1.0.1)
    daemons (1.1.9)
    database_cleaner (0.8.0)
    date_validator (0.6.3)
      activemodel (~> 3.0)
    deface (0.9.1)
      nokogiri (~> 1.5.0)
      rails (~> 3.1)
    devise (2.0.4)
      bcrypt-ruby (~> 3.0)
      orm_adapter (~> 0.0.3)
      railties (~> 3.1)
      warden (~> 1.1.1)
    dragonfly (0.9.12)
      rack
    draper (0.18.0)
      actionpack (~> 3.2)
      activesupport (~> 3.2)
    erubis (2.7.0)
    eventmachine (1.0.0)
    execjs (1.4.0)
      multi_json (~> 1.0)
    factory_girl (4.1.0)
      activesupport (>= 3.0.0)
    factory_girl_rails (4.1.0)
      factory_girl (~> 4.1.0)
      railties (>= 3.0.0)
    faraday (0.8.4)
      multipart-post (~> 1.1)
    fastercsv (1.5.5)
    ffaker (1.12.1)
    ffi (1.1.5)
    formtastic (2.2.1)
      actionpack (>= 3.0)
    fssm (0.2.9)
    gherkin-ruby (0.2.1)
    google-spreadsheet-ruby (0.3.0)
      google_drive (>= 0.3.0)
    google_drive (0.3.2)
      nokogiri (>= 1.4.4, != 1.5.2, != 1.5.1)
      oauth (>= 0.3.6)
      oauth2 (>= 0.5.0)
    googlecharts (1.6.8)
    guard (1.2.3)
      listen (>= 0.4.2)
      thor (>= 0.14.6)
    guard-minitest (0.5.0)
      guard (>= 0.4)
    guard-spinach (0.0.2)
      guard (>= 1.1)
      spinach
    haml (3.1.7)
    haml-rails (0.3.5)
      actionpack (>= 3.1, < 4.1)
      activesupport (>= 3.1, < 4.1)
      haml (~> 3.1)
      railties (>= 3.1, < 4.1)
    has_scope (0.5.1)
    hashie (1.2.0)
    high_voltage (1.2.1)
    highline (1.6.11)
    hike (1.2.1)
    httparty (0.8.3)
      multi_json (~> 1.0)
      multi_xml
    httpauth (0.2.0)
    i18n (0.6.1)
    inherited_resources (1.3.1)
      has_scope (~> 0.5.0)
      responders (~> 0.6)
    journey (1.0.4)
    jquery-ui-rails (2.0.2)
      jquery-rails
      railties (>= 3.1.0)
    json (1.7.5)
    jwt (0.1.5)
      multi_json (>= 1.0)
    kaminari (0.14.1)
      actionpack (>= 3.0.0)
      activesupport (>= 3.0.0)
    kgio (2.7.4)
    launchy (2.1.2)
      addressable (~> 2.3)
    letter_opener (1.0.0)
      launchy (>= 2.0.4)
    libnotify (0.8.0)
      ffi (>= 1.0.11)
    libv8 (3.3.10.4)
    libwebsocket (0.1.5)
      addressable
    listen (0.5.3)
    log4r (1.1.10)
    mail (2.4.4)
      i18n (>= 0.4.0)
      mime-types (~> 1.16)
      treetop (~> 1.4.8)
    meta_search (1.1.3)
      actionpack (~> 3.1)
      activerecord (~> 3.1)
      activesupport (~> 3.1)
      polyamorous (~> 0.5.0)
    metaclass (0.0.1)
    method_source (0.8.1)
    mime-types (1.19)
    minitest (3.2.0)
    minitest-matchers (1.2.0)
      minitest (>= 2.5.0)
    minitest-reporters (0.8.0)
      ansi
      builder
      minitest (>= 2.0, < 4.0)
      ruby-progressbar
    mocha (0.12.7)
      metaclass (~> 0.0.1)
    money (5.0.0)
      i18n (~> 0.4)
      json
    multi_json (1.3.7)
    multi_xml (0.5.1)
    multipart-post (1.1.5)
    mysql2 (0.3.11)
    nested_set (1.7.0)
      activerecord (>= 3.0.0)
      railties (>= 3.0.0)
    net-scp (1.0.4)
      net-ssh (>= 1.99.1)
    net-sftp (2.0.5)
      net-ssh (>= 2.0.9)
    net-ssh (2.6.1)
    net-ssh-gateway (1.1.0)
      net-ssh (>= 1.99.1)
    nokogiri (1.5.5)
    oauth (0.4.7)
    oauth2 (0.8.0)
      faraday (~> 0.8)
      httpauth (~> 0.1)
      jwt (~> 0.1.4)
      multi_json (~> 1.0)
      rack (~> 1.2)
    orm_adapter (0.0.7)
    paperclip (2.8.0)
      activerecord (>= 2.3.0)
      activesupport (>= 2.3.2)
      cocaine (>= 0.0.2)
      mime-types
    pdfkit (0.5.2)
    pg (0.13.2)
    pg_array_parser (0.0.8)
    polyamorous (0.5.0)
      activerecord (~> 3.0)
    polyglot (0.3.3)
    postgres_ext (0.0.8)
      activerecord (~> 3.2.0)
      pg_array_parser (~> 0.0.3)
    pry (0.9.10)
      coderay (~> 1.0.5)
      method_source (~> 0.8)
      slop (~> 3.3.1)
    rabl (0.6.5)
      activesupport (>= 2.3.14)
      multi_json (~> 1.0)
    rack (1.4.1)
    rack-cache (1.2)
      rack (>= 0.4)
    rack-ssl (1.3.2)
      rack
    rack-test (0.6.2)
      rack (>= 1.0)
    rails (3.2.9)
      actionmailer (= 3.2.9)
      actionpack (= 3.2.9)
      activerecord (= 3.2.9)
      activeresource (= 3.2.9)
      activesupport (= 3.2.9)
      bundler (~> 1.0)
      railties (= 3.2.9)
    railties (3.2.9)
      actionpack (= 3.2.9)
      activesupport (= 3.2.9)
      rack-ssl (~> 1.3.2)
      rake (>= 0.8.7)
      rdoc (~> 3.4)
      thor (>= 0.14.6, < 2.0)
    raindrops (0.10.0)
    rake (10.0.1)
    ranked-model (0.1.1)
      activerecord (>= 3.0.3)
    ransack (0.7.0)
      actionpack (~> 3.0)
      activerecord (~> 3.0)
      polyamorous (~> 0.5.0)
    rb-fsevent (0.9.2)
    rb-inotify (0.8.8)
      ffi (>= 0.5.0)
    rdoc (3.12)
      json (~> 1.4)
    responders (0.9.3)
      railties (~> 3.1)
    roo (1.10.1)
      choice (>= 0.1.4)
      google-spreadsheet-ruby (>= 0.1.5)
      nokogiri (>= 1.5.0)
      rubyzip (>= 0.9.4)
      spreadsheet (> 0.6.4)
      todonotes (>= 0.1.0)
    ruby-ole (1.2.11.5)
    ruby-progressbar (1.0.2)
    rubyzip (0.9.9)
    sass (3.2.2)
    sass-rails (3.2.5)
      railties (~> 3.2.0)
      sass (>= 3.1.10)
      tilt (~> 1.3)
    select2-rails (0.0.9)
      thor (~> 0.14)
    selenium-webdriver (2.26.0)
      childprocess (>= 0.2.5)
      libwebsocket (~> 0.1.3)
      multi_json (~> 1.0)
      rubyzip
    simple_form (2.0.4)
      actionpack (~> 3.0)
      activemodel (~> 3.0)
    simplecov (0.6.4)
      multi_json (~> 1.0)
      simplecov-html (~> 0.5.3)
    simplecov-html (0.5.3)
    simplecov-rcov (0.2.3)
      simplecov (>= 0.4.1)
    slop (3.3.3)
    spinach (0.5.2)
      colorize
      gherkin-ruby (~> 0.2.0)
    spinach-rails (0.1.8)
      capybara (~> 1)
      railties (>= 3)
      spinach (>= 0.4)
    spreadsheet (0.7.4)
      ruby-ole (>= 1.0)
    spree (1.2.0)
      spree_api (= 1.2.0)
      spree_cmd (= 1.2.0)
      spree_core (= 1.2.0)
      spree_dash (= 1.2.0)
      spree_promo (= 1.2.0)
      spree_sample (= 1.2.0)
    spree_api (1.2.0)
      rabl (= 0.6.5)
      spree_core (= 1.2.0)
    spree_cmd (1.2.0)
      thor (>= 0.14.6)
    spree_core (1.2.0)
      activemerchant (= 1.28.0)
      acts_as_list (= 0.1.4)
      aws-sdk (~> 1.3.4)
      cancan (= 1.6.7)
      deface (>= 0.9.0)
      ffaker (~> 1.12.0)
      highline (= 1.6.11)
      jquery-rails (~> 2.0)
      kaminari (>= 0.13.0)
      money (= 5.0.0)
      nested_set (= 1.7.0)
      paperclip (~> 2.7)
      rails (~> 3.2.8)
      ransack (~> 0.7.0)
      select2-rails (= 0.0.9)
      state_machine (= 1.1.2)
      stringex (~> 1.3.2)
    spree_dash (1.2.0)
      httparty (~> 0.8.1)
      spree_core (= 1.2.0)
    spree_promo (1.2.0)
      spree_core (= 1.2.0)
    spree_sample (1.2.0)
      spree_core (= 1.2.0)
    sprockets (2.2.1)
      hike (~> 1.2)
      multi_json (~> 1.0)
      rack (~> 1.0)
      tilt (~> 1.1, != 1.3.0)
    squeel (1.0.13)
      activerecord (~> 3.0)
      activesupport (~> 3.0)
      polyamorous (~> 0.5.0)
    state_machine (1.1.2)
    stringex (1.3.3)
    tconsole (1.0.0)
    therubyracer (0.10.2)
      libv8 (~> 3.3.10)
    thin (1.5.0)
      daemons (>= 1.0.9)
      eventmachine (>= 0.12.6)
      rack (>= 1.0.0)
    thor (0.14.6)
    tilt (1.3.3)
    todonotes (0.1.0)
      log4r
    treetop (1.4.12)
      polyglot
      polyglot (>= 0.3.1)
    tzinfo (0.3.35)
    uglifier (1.3.0)
      execjs (>= 0.3.0)
      multi_json (~> 1.0, >= 1.0.2)
    unicorn (4.4.0)
      kgio (~> 2.6)
      rack
      raindrops (~> 0.7)
    uuidtools (2.1.3)
    warden (1.1.1)
      rack (>= 1.0)
    whereabouts (0.9.0)
      activerecord
      activesupport
    xpath (0.1.4)
      nokogiri (~> 1.3)

PLATFORMS
  ruby

DEPENDENCIES
  activeadmin
  cancan
  capistrano (~> 2.13.5)
  capybara
  chosen-rails
  ckeditor (= 3.7.3)
  coffee-filter
  coffee-rails (~> 3.2.1)
  compass-rails
  compass_twitter_bootstrap!
  country_select
  database_cleaner (~> 0.8.0)
  date_validator
  devise
  dragonfly
  draper
  factory_girl_rails
  googlecharts
  guard (~> 1.2.3)
  guard-minitest (~> 0.5.0)
  guard-spinach (~> 0.0.2)
  haml-rails
  has_scope
  hashie
  high_voltage
  jquery-rails!
  jquery-ui-rails
  kaminari
  launchy
  letter_opener
  libnotify
  minitest (~> 3.2.0)
  minitest-matchers (~> 1.2.0)
  minitest-reporters (~> 0.8.0)
  mocha (~> 0.12.1)
  mysql2
  nested_form!
  pdfkit
  pg (= 0.13.2)
  plutus!
  postgres_ext
  pry (~> 0.9.10)
  rack-bug!
  rack-cache
  rails (~> 3.2.6)
  ranked-model
  rb-fsevent (~> 0.9.1)
  rb-inotify (~> 0.8.8)
  responders
  roo
  sass-rails (~> 3.2.3)
  simple_form
  simplecov (~> 0.6.4)
  simplecov-rcov (~> 0.2.3)
  spinach (~> 0.5.2)
  spinach-rails (~> 0.1.7)
  spree (~> 1.2.0)
  spree_auth_devise!
  spree_multi_domain!
  squeel
  state_machine
  tconsole
  therubyracer
  thin
  thor (= 0.14.6)
  uglifier (>= 1.0.3)
  unicorn
  valid_attribute!
  whereabouts (~> 0.9.0)
